GIT
  remote: https://github.com/devrandom/net_dav.git
  revision: 6f748e8282aa26d9dc7214c1e0f3a4fcf09e6ae4
  specs:
    net_dav (0.5.0)
      nokogiri (>= 1.3.0)

GEM
  remote: https://rubygems.org/
  specs:
    mini_portile (0.6.2)
    net-sftp (2.1.2)
      net-ssh (>= 2.6.5)
    net-ssh (3.0.1)
    netrc (0.10.3)
    nokogiri (1.6.6.2)
      mini_portile (~> 0.6.0)
    trollop (2.1.2)

PLATFORMS
  ruby

DEPENDENCIES
  net-sftp
  net_dav!
  netrc
  trollop
